{
  "TaskName": "resting",
  "Manufacturer": "Brain Products GmbH",
  "PowerLineFrequency": 50,
  "SamplingFrequency": 2500.0,
  "SoftwareFilters": "n/a",
  "RecordingDuration": 1074.2396,
  "RecordingType": "continuous",
  "EEGReference": "FCz",
  "EEGGround": "AFz",
  "EEGPlacementScheme": "10-20 extended",
  "EEGChannelCount": 61,
  "EOGChannelCount": 1,
  "ECGChannelCount": 0,
  "EMGChannelCount": 0,
  "MiscChannelCount": 0,
  "TriggerChannelCount": 0,
  "TaskDescription": "Resting state with alternating eyes-open and eyes-closed blocks (~60s each). Subjects fixated on an LED. S200=eyes open, S210=eyes closed.",
  "Instructions": "Alternate between eyes-open and eyes-closed blocks. During eyes-open, fixate on the LED. During eyes-closed, keep eyes closed.",
  "InstitutionName": "Max Planck Institute for Human Cognitive and Brain Sciences",
  "InstitutionAddress": "Leipzig, Saxony, Germany",
  "InstitutionalDepartmentName": "Department of Neurology",
  "ManufacturersModelName": "actiCHamp",
  "CapManufacturer": "Brain Products",
  "CapManufacturersModelName": "ActiCAP",
  "HardwareFilters": "n/a",
  "SoftwareVersions": "n/a",
  "DeviceSerialNumber": "n/a",
  "CogAtlasID": "https://www.cognitiveatlas.org/task/id/trm_4c8a834779883",
  "CogPOID": "n/a",
  "MISCChannelCount": 0,
  "StimulusPresentation": {
    "SoftwareName": "n/a",
    "ScreenDistance": "n/a",
    "ScreenRefreshRate": "n/a",
    "ScreenResolution": "n/a"
  }
}
